GEM
  remote: https://rubygems.org/
  specs:
    mini_portile (0.6.1)
    nokogiri (1.6.4.1)
      mini_portile (~> 0.6.0)
    require_all (1.3.2)
    ruby-ole (1.2.11.7)
    spreadsheet (1.0.0)
      ruby-ole (>= 1.0)

PLATFORMS
  ruby

DEPENDENCIES
  nokogiri
  require_all
  spreadsheet
